GEM
  remote: https://rubygems.org/
  specs:
    activemodel (3.2.17)
      activesupport (= 3.2.17)
      builder (~> 3.0.0)
    activesupport (3.2.17)
      i18n (~> 0.6, >= 0.6.4)
      multi_json (~> 1.0)
    bson (1.9.2)
    bson_ext (1.9.2)
      bson (~> 1.9.2)
    builder (3.0.4)
    curb (0.8.5)
    daemons (1.1.9)
    eventmachine (1.0.3)
    feedzirra (0.6.0)
      curb (~> 0.8.1)
      loofah (~> 1.2.1)
      sax-machine (~> 0.2.1)
    gsl (1.15.3)
      narray (>= 0.5.9)
    haml (4.0.5)
      tilt
    i18n (0.6.9)
    loofah (1.2.1)
      nokogiri (>= 1.4.4)
    mini_portile (0.5.2)
    mongo (1.9.2)
      bson (~> 1.9.2)
    mongo_mapper (0.12.0)
      activemodel (~> 3.0)
      activesupport (~> 3.0)
      plucky (~> 0.5.2)
    multi_json (1.9.0)
    narray (0.6.0.8)
    nokogiri (1.6.1)
      mini_portile (~> 0.5.0)
    plucky (0.5.2)
      mongo (~> 1.5)
    rack (1.5.2)
    rack-protection (1.5.2)
      rack
    sax-machine (0.2.1)
      nokogiri (~> 1.6.0)
    similarity (0.2.5)
      gsl
    sinatra (1.4.4)
      rack (~> 1.4)
      rack-protection (~> 1.4)
      tilt (~> 1.3, >= 1.3.4)
    thin (1.6.1)
      daemons (>= 1.0.9)
      eventmachine (>= 1.0.0)
      rack (>= 1.0.0)
    tilt (1.4.1)

PLATFORMS
  ruby

DEPENDENCIES
  bson
  bson_ext
  feedzirra
  haml
  mongo
  mongo_mapper
  nokogiri
  similarity
  sinatra
  thin
